STORAGE: NONE
RESTRICTION: == net8.0
NUGET
  remote: https://api.nuget.org/v3/index.json
    Avalonia (11.0.10)
      Avalonia.BuildServices (>= 0.0.29)
      Avalonia.Remote.Protocol (>= 11.0.10)
      MicroCom.Runtime (>= 0.11)
      System.ComponentModel.Annotations (>= 4.5)
    Avalonia.BuildServices (0.0.31)
    Avalonia.Controls.ColorPicker (11.0.10)
      Avalonia (>= 11.0.10)
      Avalonia.Remote.Protocol (>= 11.0.10)
    Avalonia.Controls.DataGrid (11.0.10)
      Avalonia (>= 11.0.10)
      Avalonia.Remote.Protocol (>= 11.0.10)
    Avalonia.Diagnostics (11.0.10)
      Avalonia (>= 11.0.10)
      Avalonia.Controls.ColorPicker (>= 11.0.10)
      Avalonia.Controls.DataGrid (>= 11.0.10)
      Avalonia.Themes.Simple (>= 11.0.10)
      Microsoft.CodeAnalysis.Common (>= 3.8)
      Microsoft.CodeAnalysis.CSharp.Scripting (>= 3.8)
    Avalonia.FuncUI (1.3)
      Avalonia (>= 11.0)
      Avalonia.Controls.DataGrid (>= 11.0)
      FSharp.Core (>= 8.0.200)
    Avalonia.FuncUI.Elmish (1.3)
      Avalonia.FuncUI (>= 1.3)
      Elmish (>= 4.0)
      FSharp.Core (>= 8.0.200)
    Avalonia.Remote.Protocol (11.0.10)
    Avalonia.Themes.Simple (11.0.10)
      Avalonia (>= 11.0.10)
    Elmish (4.1)
    FSharp.Core (8.0.200)
    FSharp.Json (0.4.1)
      FSharp.Core (>= 4.6.2)
    MicroCom.Runtime (0.11)
    Microsoft.CodeAnalysis.Analyzers (3.3.4)
    Microsoft.CodeAnalysis.Common (4.9.2)
      Microsoft.CodeAnalysis.Analyzers (>= 3.3.4)
      System.Collections.Immutable (>= 8.0)
      System.Reflection.Metadata (>= 8.0)
      System.Runtime.CompilerServices.Unsafe (>= 6.0)
    Microsoft.CodeAnalysis.CSharp (4.9.2)
      Microsoft.CodeAnalysis.Common (4.9.2)
    Microsoft.CodeAnalysis.CSharp.Scripting (4.9.2)
      Microsoft.CodeAnalysis.Common (4.9.2)
      Microsoft.CodeAnalysis.CSharp (4.9.2)
      Microsoft.CodeAnalysis.Scripting.Common (4.9.2)
      Microsoft.CSharp (>= 4.7)
    Microsoft.CodeAnalysis.Scripting.Common (4.9.2)
      Microsoft.CodeAnalysis.Common (4.9.2)
    Microsoft.CSharp (4.7)
    System.Collections.Immutable (8.0)
    System.ComponentModel.Annotations (5.0)
    System.Reflection.Metadata (8.0)
      System.Collections.Immutable (>= 8.0)
    System.Runtime.CompilerServices.Unsafe (6.0)
